PATH
  remote: .
  specs:
    cans (0.1.2)
      haml (~> 3.0.22)
      method_extensions (~> 0.0.8)
      sinatra (~> 1.1.0)

GEM
  remote: http://rubygems.org/
  specs:
    capybara (0.4.0)
      celerity (>= 0.7.9)
      culerity (>= 0.2.4)
      mime-types (>= 1.16)
      nokogiri (>= 1.3.3)
      rack (>= 1.0.0)
      rack-test (>= 0.5.4)
      selenium-webdriver (>= 0.0.27)
      xpath (~> 0.1.2)
    celerity (0.8.4)
    childprocess (0.1.4)
      ffi (~> 0.6.3)
    coderay (0.9.3)
    coffee-script (1.1.0)
    configuration (1.2.0)
    culerity (0.2.12)
    evergreen (0.4.0)
      capybara (~> 0.4.0)
      json_pure (>= 1.0.0)
      launchy (>= 0.3.5)
      sinatra (>= 1.1)
    ffi (0.6.3)
      rake (>= 0.8.7)
    haml (3.0.24)
    json_pure (1.4.6)
    launchy (0.3.7)
      configuration (>= 0.0.5)
      rake (>= 0.8.1)
    method_extensions (0.0.8)
      coderay (= 0.9.3)
    mime-types (1.16)
    nokogiri (1.4.4)
    rack (1.2.1)
    rack-test (0.5.6)
      rack (>= 1.0)
    rake (0.8.7)
    rubyzip (0.9.4)
    selenium-webdriver (0.1.0)
      childprocess (= 0.1.4)
      ffi (~> 0.6.3)
      json_pure
      rubyzip
    shoulda (2.11.3)
    sinatra (1.1.0)
      rack (~> 1.1)
      tilt (~> 1.1)
    tilt (1.1)
    xpath (0.1.2)
      nokogiri (~> 1.3)

PLATFORMS
  ruby

DEPENDENCIES
  cans!
  coffee-script (~> 1.1.0)
  evergreen (~> 0.4.0)
  haml (~> 3.0.22)
  method_extensions (~> 0.0.8)
  rack-test (~> 0.5.6)
  shoulda (~> 2.11.3)
  sinatra (~> 1.1.0)
