PATH
  remote: .
  specs:
    cans (0.1.2)
      haml (~> 3.0.22)
      method_extensions (~> 0.0.8)
      sinatra (~> 1.1.0)

GEM
  remote: http://rubygems.org/
  specs:
    coderay (0.9.3)
    coffee-script (1.1.0)
    diff-lcs (1.1.2)
    haml (3.0.24)
    jasmine (1.0.1.1)
      json_pure (>= 1.4.3)
      rack (>= 1.0.0)
      rake (>= 0.8.7)
      rspec (>= 1.1.5)
      selenium-client (>= 1.2.17)
      selenium-rc (>= 2.1.0)
    json_pure (1.4.6)
    method_extensions (0.0.8)
      coderay (= 0.9.3)
    rack (1.2.1)
    rack-test (0.5.6)
      rack (>= 1.0)
    rake (0.8.7)
    rspec (2.1.0)
      rspec-core (~> 2.1.0)
      rspec-expectations (~> 2.1.0)
      rspec-mocks (~> 2.1.0)
    rspec-core (2.1.0)
    rspec-expectations (2.1.0)
      diff-lcs (~> 1.1.2)
    rspec-mocks (2.1.0)
    selenium-client (1.2.18)
    selenium-rc (2.2.4)
      selenium-client (>= 1.2.18)
    shoulda (2.11.3)
    sinatra (1.1.0)
      rack (~> 1.1)
      tilt (~> 1.1)
    tilt (1.1)

PLATFORMS
  ruby

DEPENDENCIES
  cans!
  coffee-script (~> 1.1.0)
  haml (~> 3.0.22)
  jasmine (~> 1.0.1)
  method_extensions (~> 0.0.8)
  rack-test (~> 0.5.6)
  shoulda (~> 2.11.3)
  sinatra (~> 1.1.0)
