PATH
  remote: .
  specs:
    cans (0.1.2)
      haml (~> 3.0.22)
      method_extensions (~> 0.0.8)
      sinatra (~> 1.1.0)

GEM
  remote: http://rubygems.org/
  specs:
    coderay (0.9.3)
    coffee-script (1.1.0)
    haml (3.0.23)
    method_extensions (0.0.8)
      coderay (= 0.9.3)
    rack (1.2.1)
    rack-test (0.5.6)
      rack (>= 1.0)
    shoulda (2.11.3)
    sinatra (1.1.0)
      rack (~> 1.1)
      tilt (~> 1.1)
    tilt (1.1)

PLATFORMS
  ruby

DEPENDENCIES
  cans!
  coffee-script (~> 1.1.0)
  haml (~> 3.0.22)
  method_extensions (~> 0.0.8)
  rack-test (~> 0.5.6)
  shoulda (~> 2.11.3)
  sinatra (~> 1.1.0)
